GEM
  remote: https://rubygems.org/
  specs:
    addressable (2.3.6)
    backports (3.6.0)
    buftok (0.2.0)
    capybara (2.4.1)
      mime-types (>= 1.16)
      nokogiri (>= 1.3.3)
      rack (>= 1.0.0)
      rack-test (>= 0.5.4)
      xpath (~> 2.0)
    diff-lcs (1.2.5)
    equalizer (0.0.9)
    faraday (0.9.0)
      multipart-post (>= 1.2, < 3)
    ffaker (1.25.0)
    http (0.6.2)
      http_parser.rb (~> 0.6.0)
    http_parser.rb (0.6.0)
    httparty (0.13.1)
      json (~> 1.8)
      multi_xml (>= 0.5.2)
    json (1.8.1)
    memoizable (0.4.2)
      thread_safe (~> 0.3, >= 0.3.1)
    mime-types (2.3)
    mini_portile (0.6.0)
    multi_json (1.10.1)
    multi_xml (0.5.5)
    multipart-post (2.0.0)
    naught (1.0.0)
    nokogiri (1.6.3.1)
      mini_portile (= 0.6.0)
    rack (1.5.2)
    rack-protection (1.5.3)
      rack
    rack-test (0.6.2)
      rack (>= 1.0)
    redis (3.1.0)
    rspec (3.1.0)
      rspec-core (~> 3.1.0)
      rspec-expectations (~> 3.1.0)
      rspec-mocks (~> 3.1.0)
    rspec-core (3.1.0)
      rspec-support (~> 3.1.0)
    rspec-expectations (3.1.0)
      diff-lcs (>= 1.2.0, < 2.0)
      rspec-support (~> 3.1.0)
    rspec-mocks (3.1.0)
      rspec-support (~> 3.1.0)
    rspec-support (3.1.0)
    shotgun (0.9)
      rack (>= 1.0)
    simple_oauth (0.2.0)
    sinatra (1.4.5)
      rack (~> 1.4)
      rack-protection (~> 1.4)
      tilt (~> 1.3, >= 1.3.4)
    sinatra-contrib (1.4.2)
      backports (>= 2.0)
      multi_json
      rack-protection
      rack-test
      sinatra (~> 1.4.0)
      tilt (~> 1.3)
    thread_safe (0.3.4)
    tilt (1.4.1)
    twitter (5.11.0)
      addressable (~> 2.3)
      buftok (~> 0.2.0)
      equalizer (~> 0.0.9)
      faraday (~> 0.9.0)
      http (~> 0.6.0)
      http_parser.rb (~> 0.6.0)
      json (~> 1.8)
      memoizable (~> 0.4.0)
      naught (~> 1.0)
      simple_oauth (~> 0.2.0)
    xpath (2.0.0)
      nokogiri (~> 1.3)
    yahoo-finance (0.0.2)

PLATFORMS
  ruby

DEPENDENCIES
  capybara (~> 2.4.1)
  ffaker
  httparty
  redis (= 3.1.0)
  rspec
  shotgun
  sinatra (= 1.4.5)
  sinatra-contrib
  twitter
  yahoo-finance
